GEM
  remote: https://rubygems.org/
  specs:
    chunky_png (1.2.9)
    compass (1.0.3)
      chunky_png (~> 1.2)
      compass-core (~> 1.0.2)
      compass-import-once (~> 1.0.5)
      rb-fsevent (>= 0.9.3)
      rb-inotify (>= 0.9)
      sass (>= 3.3.13, < 3.5)
    compass-core (1.0.3)
      multi_json (~> 1.0)
      sass (>= 3.3.0, < 3.5)
    compass-import-once (1.0.5)
      sass (>= 3.2, < 3.5)
    compass-notify (0.0.2)
      compass (>= 0.12)
      terminal-notifier (>= 1.4.2)
    compass-rgbapng (0.2.1)
      chunky_png (>= 0.8.0)
      compass (>= 0.10.0)
    ffi (1.9.10)
    fssm (0.2.10)
    multi_json (1.11.2)
    oily_png (1.1.0)
      chunky_png (~> 1.2.7)
    rb-fsevent (0.9.6)
    rb-inotify (0.9.5)
      ffi (>= 0.5.0)
    sass (3.4.0)
    susy (1.0)
      compass (>= 0.12.2)
      sass (>= 3.2.0)
    terminal-notifier (1.6.0)

PLATFORMS
  ruby

DEPENDENCIES
  chunky_png (~> 1.2)
  compass (= 1.0.3)
  compass-notify (= 0.0.2)
  compass-rgbapng (= 0.2.1)
  fssm (= 0.2.10)
  oily_png (= 1.1)
  sass (= 3.4)
  susy (= 1.0)
  terminal-notifier (= 1.6)

BUNDLED WITH
   1.10.6
