GEM
  remote: https://rubygems.org/
  specs:
    chunky_png (1.3.4)
    compass (0.12.7)
      chunky_png (~> 1.2)
      fssm (>= 0.2.7)
      sass (~> 3.2.19)
    compass-rgbapng (0.2.1)
      chunky_png (>= 0.8.0)
      compass (>= 0.10.0)
    fssm (0.2.10)
    sass (3.2.19)
    susy (1.0.9)
      compass (>= 0.12.2)
      sass (>= 3.2.0)
    terminal-notifier (1.6.3)

PLATFORMS
  ruby

DEPENDENCIES
  compass (= 0.12.7)
  compass-rgbapng (= 0.2.1)
  susy (= 1.0.9)
  terminal-notifier (= 1.6.3)

BUNDLED WITH
   1.10.6
